PATH
  remote: .
  specs:
    serviced (0.0.1)
      bson_ext (~> 1.0.0)
      linkedin (= 0.3.7)
      mongo_mapper (= 0.11.1)
      octokit (= 1.8.1)
      swish (= 0.8.1)
      twitter (= 4.1.2)

GEM
  remote: http://rubygems.org/
  specs:
    activemodel (3.2.11)
      activesupport (= 3.2.11)
      builder (~> 3.0.0)
    activesupport (3.2.11)
      i18n (~> 0.6)
      multi_json (~> 1.0)
    addressable (2.3.2)
    bson (1.8.2)
    bson_ext (1.0.9)
    builder (3.0.4)
    crack (0.3.2)
    faraday (0.8.5)
      multipart-post (~> 1.1)
    faraday_middleware (0.9.0)
      faraday (>= 0.7.4, < 0.9)
    hashie (1.2.0)
    httparty (0.10.2)
      multi_json (~> 1.0)
      multi_xml (>= 0.5.2)
    i18n (0.6.1)
    linkedin (0.3.7)
      hashie (~> 1.2)
      multi_json (~> 1.0)
      oauth (~> 0.4)
    mongo (1.8.2)
      bson (~> 1.8.2)
    mongo_mapper (0.11.1)
      activemodel (~> 3.0)
      activesupport (~> 3.0)
      plucky (~> 0.4.0)
    multi_json (1.5.0)
    multi_xml (0.5.3)
    multipart-post (1.1.5)
    oauth (0.4.7)
    octokit (1.8.1)
      addressable (~> 2.2)
      faraday (~> 0.8)
      faraday_middleware (~> 0.8)
      hashie (~> 1.2)
      multi_json (~> 1.3)
    plucky (0.4.4)
      mongo (~> 1.5)
    rake (10.0.3)
    simple_oauth (0.1.9)
    swish (0.8.1)
      crack (>= 0.1.8)
      httparty (>= 0.6.1)
    twitter (4.1.2)
      faraday (~> 0.8)
      multi_json (~> 1.3)
      simple_oauth (~> 0.1.6)

PLATFORMS
  ruby

DEPENDENCIES
  rake
  serviced!
